GEM
  remote: https://rubygems.org/
  specs:
    faraday (0.9.2)
      multipart-post (>= 1.2, < 3)
    faraday_middleware (0.10.0)
      faraday (>= 0.7.4, < 0.10)
    git-version-bump (0.15.1)
    gli (2.13.4)
    hashie (3.4.3)
    json (1.8.3)
    multipart-post (2.0.0)
    rack (1.6.4)
    rack-contrib (1.4.0)
      git-version-bump (~> 0.15)
      rack (~> 1.4)
    rack-protection (1.5.3)
      rack
    sinatra (1.4.7)
      rack (~> 1.5)
      rack-protection (~> 1.4)
      tilt (>= 1.3, < 3)
    slack-ruby-client (0.6.0)
      faraday
      faraday_middleware
      gli
      hashie
      json
      websocket-driver
    tilt (2.0.2)
    websocket-driver (0.6.3)
      websocket-extensions (>= 0.1.0)
    websocket-extensions (0.1.2)

PLATFORMS
  ruby

DEPENDENCIES
  rack
  rack-contrib
  sinatra
  slack-ruby-client

BUNDLED WITH
   1.11.2
